GEM
  remote: https://rubygems.org/
  specs:
    async (2.4.0)
      console (~> 1.10)
      io-event (~> 1.1)
      timers (~> 4.1)
    async-http (0.60.1)
      async (>= 1.25)
      async-io (>= 1.28)
      async-pool (>= 0.2)
      protocol-http (~> 0.24.0)
      protocol-http1 (~> 0.15.0)
      protocol-http2 (~> 0.15.0)
      traces (>= 0.8.0)
    async-io (1.34.3)
      async
    async-pool (0.3.12)
      async (>= 1.25)
    concurrent-ruby (1.2.2)
    console (1.16.2)
      fiber-local
    dotenv (2.8.1)
    fiber-local (1.0.0)
    io-event (1.1.6)
    protocol-hpack (1.4.2)
    protocol-http (0.24.1)
    protocol-http1 (0.15.0)
      protocol-http (~> 0.22)
    protocol-http2 (0.15.1)
      protocol-hpack (~> 1.4)
      protocol-http (~> 0.18)
    rack (2.2.6.2)
    timers (4.3.5)
    traces (0.8.0)

PLATFORMS
  arm64-darwin-22

DEPENDENCIES
  async
  async-http
  concurrent-ruby
  dotenv
  rack

RUBY VERSION
   ruby 3.2.1p31

BUNDLED WITH
   2.4.7
